GEM
  remote: https://rubygems.org/
  specs:
    activesupport (4.2.5)
      i18n (~> 0.7)
      json (~> 1.7, >= 1.7.7)
      minitest (~> 5.1)
      thread_safe (~> 0.3, >= 0.3.4)
      tzinfo (~> 1.1)
    addressable (2.3.8)
    bson (3.2.6)
    colored (1.2)
    domain_name (0.5.25)
      unf (>= 0.0.5, < 1.0.0)
    faraday (0.9.2)
      multipart-post (>= 1.2, < 3)
    faraday-cookie_jar (0.0.6)
      faraday (>= 0.7.4)
      http-cookie (~> 1.0.0)
    faraday_middleware (0.10.0)
      faraday (>= 0.7.4, < 0.10)
    http-cookie (1.0.2)
      domain_name (~> 0.5)
    i18n (0.7.0)
    json (1.8.3)
    json-schema (2.5.1)
      addressable (~> 2.3.7)
    mail (2.6.3)
      mime-types (>= 1.16, < 3)
    mime-types (2.6.2)
    mini_portile (0.6.2)
    minitest (5.8.2)
    mongo (2.1.2)
      bson (~> 3.0)
    multipart-post (2.0.0)
    nokogiri (1.6.6.3)
      mini_portile (~> 0.6.0)
    oj (2.13.1)
    pg (0.17.1)
    pupa (0.2.2)
      activesupport (~> 4.0)
      colored (~> 1.2)
      faraday_middleware (~> 0.10.0)
      json-schema (~> 2.3)
      mail
      mongo (~> 2.0)
      oj (~> 2.1)
      pg (~> 0.17.0)
      sequel (~> 4.10.0)
    rake (10.4.2)
    safe_yaml (1.0.4)
    sequel (4.10.0)
    thread_safe (0.3.5)
    tzinfo (1.2.2)
      thread_safe (~> 0.1)
    unf (0.1.4)
      unf_ext
    unf_ext (0.0.7.1)
    unicode_utils (1.4.0)

PLATFORMS
  ruby

DEPENDENCIES
  faraday-cookie_jar
  nokogiri
  pupa
  rake
  safe_yaml
  unicode_utils

BUNDLED WITH
   1.10.6
